GEM
  remote: https://rubygems.org/
  specs:
    airrecord (1.0.5)
      faraday (>= 0.10, < 2.0)
      net-http-persistent (>= 2.9)
    awesome_print (1.8.0)
    connection_pool (2.2.3)
    dotenv (2.7.6)
    faraday (1.0.1)
      multipart-post (>= 1.2, < 3)
    multipart-post (2.1.1)
    munkres (0.1.0)
    net-http-persistent (4.0.0)
      connection_pool (~> 2.2)

PLATFORMS
  ruby

DEPENDENCIES
  airrecord
  awesome_print
  dotenv
  munkres

RUBY VERSION
   ruby 2.6.3p62

BUNDLED WITH
   2.1.4
